GEM
  remote: http://rubygems.org/
  specs:
    capistrano (2.13.4)
      highline
      net-scp (>= 1.0.0)
      net-sftp (>= 2.0.0)
      net-ssh (>= 2.0.14)
      net-ssh-gateway (>= 1.1.0)
    em-hiredis (0.1.1)
      hiredis (~> 0.4.0)
    eventmachine (1.0.0)
    fallen (0.0.2)
    highline (1.6.15)
    hiredis (0.4.5)
    jruby-pageant (1.1.1)
    net-scp (1.0.4)
      net-ssh (>= 1.99.1)
    net-sftp (2.0.5)
      net-ssh (>= 2.0.9)
    net-ssh (2.6.0)
      jruby-pageant (>= 1.1.1)
    net-ssh-gateway (1.1.0)
      net-ssh (>= 1.99.1)
    rvm-capistrano (1.2.7)
      capistrano (>= 2.0.0)

PLATFORMS
  ruby

DEPENDENCIES
  capistrano
  em-hiredis
  eventmachine
  fallen
  rvm-capistrano
